GIT
  remote: http://github.com/ikusei/active_admin.git
  revision: ed1a5e3055bcb3097125fb48784c4a3284743bcb
  specs:
    activeadmin (0.4.4)
      bourbon (>= 1.0.0)
      devise (>= 1.1.2)
      fastercsv
      formtastic (~> 2.2.0)
      inherited_resources (>= 1.3.1)
      jquery-rails (>= 1.0.0)
      kaminari (>= 0.13.0)
      meta_search (>= 0.9.2)
      rails (>= 3.0.0)
      sass (>= 3.1.0)

GIT
  remote: http://github.com/jazzgumpy/meta-tags.git
  revision: dc0189de0c07df28cf36baf2d401a45505fabd31
  specs:
    meta-tags (1.2.6)
      actionpack

GIT
  remote: http://github.com/mbleigh/acts-as-taggable-on.git

  revision: 9436ecbd2ddc856317d4492a8b5b7c4cd3f9eee9

  specs:
    acts-as-taggable-on (3.1.0.rc1)
      actionpack (>= 3, < 5)
      activerecord (>= 3, < 5)
      activesupport (>= 3, < 5)

GIT
  remote: http://github.com/svenfuchs/i18n-active_record.git
  revision: 55507cf59f8f2173d38e07e18df0e90d25b1f0f6
  specs:
    i18n-active_record (0.0.2)
      i18n (>= 0.5.0)

PATH
  remote: .
  specs:
    goldencobra (1.4.1)
      activeadmin
      activeadmin-cancan
      acts-as-taggable-on
      ancestry
      cancan
      capistrano
      capistrano-maintenance
      coffee-rails
      coffee-script-source (= 1.4.0)
      compass-960-plugin
      compass-rails
      devise (~> 2.2.4)
      exception_notification
      execjs
      friendly_id
      geocoder
      geokit (= 1.7.1)
      i18n-active_record
      iconv
      inherited_resources
      jquery-rails (= 2.1.4)
      liquid
      meta-tags
      multi_json (~> 1.3.2)
      oa-oauth
      oa-openid
      omniauth
      omniauth-openid
      paper_trail
      paperclip (= 3.4.2)
      pdfkit
      progress_bar
      rails (~> 3.2.11)
      rmagick
      rubyzip
      rvm-capistrano
      sass
      sass-rails
      sidekiq
      sinatra
      slim
      sprockets
      sunspot_rails (= 2.0.0)
      sunspot_solr (= 2.0.0)
      therubyracer
      uglifier
      whenever
      wkhtmltopdf-binary

GEM
  remote: https://rubygems.org/
  specs:
    actionmailer (3.2.17)
      actionpack (= 3.2.17)
      mail (~> 2.5.4)
    actionpack (3.2.17)
      activemodel (= 3.2.17)
      activesupport (= 3.2.17)
      builder (~> 3.0.0)
      erubis (~> 2.7.0)
      journey (~> 1.0.4)
      rack (~> 1.4.5)
      rack-cache (~> 1.2)
      rack-test (~> 0.6.1)
      sprockets (~> 2.2.1)
    activeadmin-cancan (0.1.4)
      activeadmin (>= 0.4.0)
      cancan (>= 1.6.2)
      rails (>= 3.0)
    activemodel (3.2.17)
      activesupport (= 3.2.17)
      builder (~> 3.0.0)
    activerecord (3.2.17)
      activemodel (= 3.2.17)
      activesupport (= 3.2.17)
      arel (~> 3.0.2)
      tzinfo (~> 0.3.29)
    activeresource (3.2.17)
      activemodel (= 3.2.17)
      activesupport (= 3.2.17)
    activesupport (3.2.17)
      i18n (~> 0.6, >= 0.6.4)
      multi_json (~> 1.0)
    addressable (2.3.6)
    ancestry (2.0.0)
      activerecord (>= 3.0.0)
    annotate (2.6.2)
      activerecord (>= 2.3.0)
      rake (>= 0.8.7)
    arel (3.0.3)
    bcrypt (3.1.7)
    bcrypt-ruby (3.1.5)
      bcrypt (>= 3.1.3)
    better_errors (1.1.0)
      coderay (>= 1.0.0)
      erubis (>= 2.6.6)
    binding_of_caller (0.7.2)
      debug_inspector (>= 0.0.1)
    bourbon (3.1.8)
      sass (>= 3.2.0)
      thor
<<<<<<< HEAD
    brakeman (2.4.3)
=======
    brakeman (2.4.0)
>>>>>>> translations3
      erubis (~> 2.6)
      fastercsv (~> 1.5)
      haml (>= 3.0, < 5.0)
      highline (~> 1.6.20)
      multi_json (~> 1.2)
      ruby2ruby (~> 2.0.5)
      ruby_parser (~> 3.4.0)
      sass (~> 3.0)
      slim (>= 1.3.6, < 3.0)
      terminal-table (~> 1.4)
    builder (3.0.4)
    cancan (1.6.10)
    capistrano (2.15.5)
      highline
      net-scp (>= 1.0.0)
      net-sftp (>= 2.0.0)
      net-ssh (>= 2.0.14)
      net-ssh-gateway (>= 1.1.0)
    capistrano-maintenance (0.0.4)
      capistrano (>= 2.0.0)
    capybara (2.2.1)
      mime-types (>= 1.16)
      nokogiri (>= 1.3.3)
      rack (>= 1.0.0)
      rack-test (>= 0.5.4)
      xpath (~> 2.0)
    capybara-webkit (1.1.0)
      capybara (~> 2.0, >= 2.0.2)
      json
    celluloid (0.15.2)
      timers (~> 1.1.0)
    celluloid-io (0.15.0)
      celluloid (>= 0.15.0)
      nio4r (>= 0.5.0)
<<<<<<< HEAD
=======
    childprocess (0.4.0)
      ffi (~> 1.0, >= 1.0.11)
>>>>>>> translations3
    chronic (0.10.2)
    chunky_png (1.3.0)
    climate_control (0.0.3)
      activesupport (>= 3.0)
    cocaine (0.5.3)
      climate_control (>= 0.0.3, < 1.0)
    coderay (1.1.0)
    coffee-rails (3.2.2)
      coffee-script (>= 2.2.0)
      railties (~> 3.2.0)
    coffee-script (2.2.0)
      coffee-script-source
      execjs
    coffee-script-source (1.4.0)
<<<<<<< HEAD
    compass (0.12.4)
=======
    columnize (0.3.6)
    compass (0.12.2)
>>>>>>> translations3
      chunky_png (~> 1.2)
      fssm (>= 0.2.7)
      sass (~> 3.2.17)
    compass-960-plugin (0.10.4)
      compass (>= 0.10.0)
    compass-rails (1.1.7)
      compass (>= 0.12.2)
      sprockets (<= 2.11.0)
    connection_pool (2.0.0)
    cucumber (1.3.2)
      builder (>= 2.1.2)
      diff-lcs (>= 1.1.3)
      gherkin (~> 2.12.0)
      multi_json (~> 1.3)
    cucumber-rails (1.4.0)
      capybara (>= 1.1.2)
      cucumber (>= 1.2.0)
      nokogiri (>= 1.5.0)
      rails (>= 3.0.0)
    daemons (1.1.9)
    database_cleaner (1.2.0)
    debug_inspector (0.0.2)
    debugger (1.6.5)
      columnize (>= 0.3.1)
      debugger-linecache (~> 1.2.0)
      debugger-ruby_core_source (~> 1.3.1)
    debugger-linecache (1.2.0)
    debugger-ruby_core_source (1.3.1)
    devise (2.2.8)
      bcrypt-ruby (~> 3.0)
      orm_adapter (~> 0.1)
      railties (~> 3.1)
      warden (~> 1.2.1)
    diff-lcs (1.2.5)
    em-websocket (0.5.0)
      eventmachine (>= 0.12.9)
      http_parser.rb (~> 0.5.3)
    erubis (2.7.0)
    eventmachine (1.0.3)
    exception_notification (4.0.1)
      actionmailer (>= 3.0.4)
      activesupport (>= 3.0.4)
    execjs (2.0.2)
    factory_girl (4.4.0)
      activesupport (>= 3.0.0)
<<<<<<< HEAD
    factory_girl_rails (4.4.1)
=======
    factory_girl_rails (4.4.0)
>>>>>>> translations3
      factory_girl (~> 4.4.0)
      railties (>= 3.0.0)
    faker (1.3.0)
      i18n (~> 0.5)
    faraday (0.9.0)
      multipart-post (>= 1.2, < 3)
    fastercsv (1.5.5)
    ffi (1.9.3)
    formatador (0.2.4)
    formtastic (2.2.1)
      actionpack (>= 3.0)
    friendly_id (4.0.10.1)
      activerecord (>= 3.0, < 4.0)
    fssm (0.2.10)
    geocoder (1.1.9)
    geokit (1.7.1)
      multi_json (>= 1.3.2)
    gherkin (2.12.2)
      multi_json (~> 1.3)
    growl (1.0.3)
<<<<<<< HEAD
    guard (2.6.0)
=======
    guard (2.4.0)
>>>>>>> translations3
      formatador (>= 0.2.4)
      listen (~> 2.7)
      lumberjack (~> 1.0)
      pry (>= 0.9.12)
      thor (>= 0.18.1)
    guard-annotate (1.1.0)
      annotate (>= 2.4.0)
      guard (>= 0.2.2)
    guard-cucumber (1.4.1)
      cucumber (>= 1.2.0)
      guard (>= 1.1.0)
    guard-livereload (1.3.0)
      em-websocket (>= 0.2.0)
      guard (>= 1.5.0)
      multi_json (~> 1.0)
<<<<<<< HEAD
    guard-rspec (4.2.8)
=======
    guard-rspec (4.2.6)
>>>>>>> translations3
      guard (~> 2.1)
      rspec (>= 2.14, < 4.0)
    haml (4.0.5)
      tilt
    has_scope (0.6.0.rc)
      actionpack (>= 3.2, < 5)
      activesupport (>= 3.2, < 5)
    hashie (2.0.5)
    highline (1.6.21)
    hike (1.2.3)
    hirb (0.7.1)
    http_parser.rb (0.5.3)
    httpauth (0.2.1)
    i18n (0.6.9)
    iconv (1.0.4)
    inherited_resources (1.4.1)
      has_scope (~> 0.6.0.rc)
      responders (~> 1.0.0.rc)
    journey (1.0.4)
    jquery-rails (2.1.4)
      railties (>= 3.0, < 5.0)
      thor (>= 0.14, < 2.0)
    json (1.8.1)
    jwt (0.1.6)
      multi_json (>= 1.0)
    kaminari (0.15.1)
      actionpack (>= 3.0.0)
      activesupport (>= 3.0.0)
    launchy (2.4.2)
      addressable (~> 2.3)
    libv8 (3.16.14.3)
    liquid (2.6.1)
<<<<<<< HEAD
    listen (2.7.1)
=======
    listen (2.5.0)
>>>>>>> translations3
      celluloid (>= 0.15.2)
      celluloid-io (>= 0.15.0)
      rb-fsevent (>= 0.9.3)
      rb-inotify (>= 0.9)
    lumberjack (1.0.5)
    mail (2.5.4)
      mime-types (~> 1.16)
      treetop (~> 1.4.8)
    memcache-client (1.8.5)
    meta_search (1.1.3)
      actionpack (~> 3.1)
      activerecord (~> 3.1)
      activesupport (~> 3.1)
      polyamorous (~> 0.5.0)
    method_source (0.8.2)
    mime-types (1.25.1)
    multi_json (1.3.7)
    multi_xml (0.5.5)
    multipart-post (2.0.0)
    mysql2 (0.3.15)
    net-scp (1.1.2)
      net-ssh (>= 2.6.5)
    net-sftp (2.1.2)
      net-ssh (>= 2.6.5)
    net-ssh (2.8.0)
    net-ssh-gateway (1.2.0)
      net-ssh (>= 2.6.5)
    nio4r (1.0.0)
    nokogiri (1.5.11)
    oa-core (0.0.5)
      rack (~> 1.1)
    oa-oauth (0.0.1)
      json
      nokogiri
      oa-core (~> 0.0.0)
      oauth
      oauth2
    oa-openid (0.0.2)
      oa-core (~> 0.0.0)
      rack-openid
    oauth (0.4.7)
    oauth2 (0.9.2)
      faraday (~> 0.8)
      httpauth (~> 0.2)
      jwt (~> 0.1.4)
      multi_json (~> 1.0)
      multi_xml (~> 0.5)
      rack (~> 1.2)
    omniauth (1.2.1)
      hashie (>= 1.2, < 3)
      rack (~> 1.0)
    omniauth-openid (1.0.1)
      omniauth (~> 1.0)
      rack-openid (~> 1.3.1)
<<<<<<< HEAD
    options (2.3.2)
=======
    options (2.3.1)
>>>>>>> translations3
    orm_adapter (0.5.0)
    paper_trail (3.0.1)
      activerecord (>= 3.0, < 5.0)
      activesupport (>= 3.0, < 5.0)
    paperclip (3.4.2)
      activemodel (>= 3.0.0)
      activerecord (>= 3.0.0)
      activesupport (>= 3.0.0)
      cocaine (~> 0.5.0)
      mime-types
    pdfkit (0.6.2)
    polyamorous (0.5.0)
      activerecord (~> 3.0)
<<<<<<< HEAD
    polyglot (0.3.4)
=======
    polyglot (0.3.3)
>>>>>>> translations3
    powder (0.2.1)
      thor (>= 0.11.5)
    pr_geohash (1.0.0)
    progress_bar (1.0.0)
      highline (~> 1.6.1)
      options (~> 2.3.0)
    pry (0.9.12.6)
      coderay (~> 1.0)
      method_source (~> 0.8)
      slop (~> 3.4)
    pry-nav (0.2.3)
      pry (~> 0.9.10)
    rack (1.4.5)
    rack-cache (1.2)
      rack (>= 0.4)
    rack-openid (1.3.1)
      rack (>= 1.1.0)
      ruby-openid (>= 2.1.8)
    rack-protection (1.5.2)
      rack
    rack-ssl (1.3.4)
      rack
    rack-test (0.6.2)
      rack (>= 1.0)
    rails (3.2.17)
      actionmailer (= 3.2.17)
      actionpack (= 3.2.17)
      activerecord (= 3.2.17)
      activeresource (= 3.2.17)
      activesupport (= 3.2.17)
      bundler (~> 1.0)
      railties (= 3.2.17)
    railties (3.2.17)
      actionpack (= 3.2.17)
      activesupport (= 3.2.17)
      rack-ssl (~> 1.3.2)
      rake (>= 0.8.7)
      rdoc (~> 3.4)
      thor (>= 0.14.6, < 2.0)
    rake (10.2.1)
    rb-fsevent (0.9.4)
    rb-inotify (0.9.3)
      ffi (>= 0.5.0)
    rdoc (3.12.2)
      json (~> 1.4)
    redis (3.0.7)
    redis-namespace (1.4.1)
      redis (~> 3.0.4)
    ref (1.0.5)
    responders (1.0.0)
      railties (>= 3.2, < 5)
<<<<<<< HEAD
    rsolr (1.0.10)
=======
    rmagick (2.13.2)
    rsolr (1.0.9)
>>>>>>> translations3
      builder (>= 2.1.2)
    rspec (2.14.1)
      rspec-core (~> 2.14.0)
      rspec-expectations (~> 2.14.0)
      rspec-mocks (~> 2.14.0)
<<<<<<< HEAD
    rspec-core (2.14.8)
    rspec-expectations (2.14.5)
      diff-lcs (>= 1.1.3, < 2.0)
    rspec-mocks (2.14.6)
    rspec-rails (2.14.2)
=======
    rspec-core (2.14.7)
    rspec-expectations (2.14.5)
      diff-lcs (>= 1.1.3, < 2.0)
    rspec-mocks (2.14.5)
    rspec-rails (2.14.1)
>>>>>>> translations3
      actionpack (>= 3.0)
      activemodel (>= 3.0)
      activesupport (>= 3.0)
      railties (>= 3.0)
      rspec-core (~> 2.14.0)
      rspec-expectations (~> 2.14.0)
      rspec-mocks (~> 2.14.0)
    ruby-openid (2.5.0)
<<<<<<< HEAD
    ruby2ruby (2.0.8)
      ruby_parser (~> 3.1)
      sexp_processor (~> 4.0)
    ruby_parser (3.4.1)
=======
    ruby2ruby (2.0.7)
      ruby_parser (~> 3.1)
      sexp_processor (~> 4.0)
    ruby_parser (3.4.0)
>>>>>>> translations3
      sexp_processor (~> 4.1)
    rubyzip (1.1.2)
    rvm-capistrano (1.5.1)
      capistrano (~> 2.15.4)
<<<<<<< HEAD
    sass (3.2.18)
=======
    sass (3.2.14)
>>>>>>> translations3
    sass-rails (3.2.6)
      railties (~> 3.2.0)
      sass (>= 3.1.10)
      tilt (~> 1.3)
<<<<<<< HEAD
    sexp_processor (4.4.3)
    shoulda-matchers (2.5.0)
      activesupport (>= 3.0.0)
    sidekiq (2.17.7)
=======
    selenium-webdriver (2.39.0)
      childprocess (>= 0.2.5)
      multi_json (~> 1.0)
      rubyzip (~> 1.0)
      websocket (~> 1.0.4)
    sexp_processor (4.4.1)
    shoulda-matchers (2.5.0)
      activesupport (>= 3.0.0)
    sidekiq (2.17.4)
>>>>>>> translations3
      celluloid (>= 0.15.2)
      connection_pool (>= 1.0.0)
      json
      redis (>= 3.0.6)
      redis-namespace (>= 1.3.1)
    sinatra (1.4.4)
      rack (~> 1.4)
      rack-protection (~> 1.4)
      tilt (~> 1.3, >= 1.3.4)
    slim (2.0.2)
      temple (~> 0.6.6)
      tilt (>= 1.3.3, < 2.1)
    slop (3.5.0)
    sprockets (2.2.2)
      hike (~> 1.2)
      multi_json (~> 1.0)
      rack (~> 1.0)
      tilt (~> 1.1, != 1.3.0)
    sunspot (2.0.0)
      pr_geohash (~> 1.0)
      rsolr (~> 1.0.7)
    sunspot_rails (2.0.0)
      nokogiri
      sunspot (= 2.0.0)
    sunspot_solr (2.0.0)
    temple (0.6.7)
    terminal-table (1.4.5)
    therubyracer (0.12.1)
      libv8 (~> 3.16.14.0)
      ref
    thin (1.6.2)
      daemons (>= 1.0.9)
      eventmachine (>= 1.0.0)
      rack (>= 1.0.0)
    thor (0.19.1)
    tilt (1.4.1)
    timers (1.1.0)
    treetop (1.4.15)
      polyglot
      polyglot (>= 0.3.1)
    tzinfo (0.3.39)
    uglifier (2.5.0)
      execjs (>= 0.3.0)
      json (>= 1.8.0)
    warden (1.2.3)
      rack (>= 1.0)
<<<<<<< HEAD
    whenever (0.9.2)
=======
    websocket (1.0.7)
    whenever (0.9.0)
>>>>>>> translations3
      activesupport (>= 2.3.4)
      chronic (>= 0.6.3)
    wkhtmltopdf-binary (0.9.9.1)
    xpath (2.0.0)
      nokogiri (~> 1.3)

PLATFORMS
  ruby

DEPENDENCIES
  activeadmin!
  acts-as-taggable-on!
  annotate
  better_errors
  binding_of_caller
  brakeman
  cancan
  capybara
  capybara-webkit
  coffee-rails (~> 3.2.0)
  compass-rails
  cucumber
  cucumber-rails
  database_cleaner
  debugger
  devise (~> 2.2.4)
  execjs
  factory_girl
  factory_girl_rails
  faker
  friendly_id
  geokit
  goldencobra!
  growl
  guard
  guard-annotate
  guard-cucumber
  guard-livereload
  guard-rspec
  hirb
  i18n-active_record!
  jquery-rails
  launchy
  memcache-client
  meta-tags!
  multi_json (~> 1.3)
  mysql2 (= 0.3.15)
  nokogiri (~> 1.5.3)
  oa-oauth
  oa-openid
  omniauth
  omniauth-openid
  paper_trail
  paperclip
  pdfkit
  powder
  pry
  pry-nav
  rb-fsevent (~> 0.9.1)
  rmagick
  rspec-rails
  sass-rails
  selenium-webdriver
  shoulda-matchers
  sidekiq
  sinatra
  slim
  sunspot_rails
  sunspot_solr
  therubyracer
  thin
  uglifier (>= 1.0.3)
  wkhtmltopdf-binary
